GEM
  remote: http://rubygems.org/
  specs:
    dev (2.0.9)
      dev_commands (<= 0.0.33)
      dev_environment (<= 0.0.15)
      dev_projects (<= 0.0.5)
      dev_svn (<= 0.0.7)
      dev_tasks (<= 1.0.41)
      rspec
    dev_commands (0.0.33)
      bundler
      rake
      rspec
      yard
    dev_environment (0.0.15)
      rspec (>= 0.0.23)
    dev_projects (0.0.5)
      rspec
    dev_svn (0.0.7)
      rake
      rspec
      yard
    dev_tasks (1.0.41)
      rspec (>= 0.0.13)
    diff-lcs (1.2.5)
    little-plugger (1.1.3)
    logging (1.8.2)
      little-plugger (>= 1.1.3)
      multi_json (>= 1.8.4)
    multi_json (1.10.1)
    rake (10.4.2)
    rspec (3.1.0)
      rspec-core (~> 3.1.0)
      rspec-expectations (~> 3.1.0)
      rspec-mocks (~> 3.1.0)
    rspec-core (3.1.7)
      rspec-support (~> 3.1.0)
    rspec-expectations (3.1.2)
      diff-lcs (>= 1.2.0, < 2.0)
      rspec-support (~> 3.1.0)
    rspec-mocks (3.1.3)
      rspec-support (~> 3.1.0)
    rspec-support (3.1.2)
    yard (0.8.7.6)

PLATFORMS
  x86-mingw32

DEPENDENCIES
  bundler
  dev
  logging
  rake
